GEM
  remote: http://rubygems.org/
  specs:
    aasm (2.2.0)
    abstract (1.0.0)
    actionmailer (3.0.7)
      actionpack (= 3.0.7)
      mail (~> 2.2.15)
    actionpack (3.0.7)
      activemodel (= 3.0.7)
      activesupport (= 3.0.7)
      builder (~> 2.1.2)
      erubis (~> 2.6.6)
      i18n (~> 0.5.0)
      rack (~> 1.2.1)
      rack-mount (~> 0.6.14)
      rack-test (~> 0.5.7)
      tzinfo (~> 0.3.23)
    activemodel (3.0.7)
      activesupport (= 3.0.7)
      builder (~> 2.1.2)
      i18n (~> 0.5.0)
    activerecord (3.0.7)
      activemodel (= 3.0.7)
      activesupport (= 3.0.7)
      arel (~> 2.0.2)
      tzinfo (~> 0.3.23)
    activeresource (3.0.7)
      activemodel (= 3.0.7)
      activesupport (= 3.0.7)
    activesupport (3.0.7)
    acts-as-taggable-on (2.0.6)
    acts_as_commentable (3.0.1)
    acts_as_rateable (2.0.1)
    arel (2.0.9)
    authlogic (3.0.2)
      activerecord (~> 3.0.7)
      activerecord (~> 3.0.7)
    aws-s3 (0.6.2)
      builder
      mime-types
      xml-simple
    builder (2.1.2)
    cancan (1.6.4)
    capistrano (2.6.0)
      highline
      net-scp (>= 1.0.0)
      net-sftp (>= 2.0.0)
      net-ssh (>= 2.0.14)
      net-ssh-gateway (>= 1.1.0)
    diff-lcs (1.1.2)
    erubis (2.6.6)
      abstract (>= 1.0.0)
    heroku-s3-backup-zinergia (0.0.1)
      right_aws (>= 2.1.0)
    highline (1.6.1)
    hirb (0.4.5)
    i18n (0.5.0)
    jquery-rails (1.0)
      rails (~> 3.0)
      thor (~> 0.14)
    kaminari (0.12.4)
      rails (>= 3.0.0)
    mail (2.2.19)
      activesupport (>= 2.3.6)
      i18n (>= 0.4.0)
      mime-types (~> 1.16)
      treetop (~> 1.4.8)
    meta_search (1.0.5)
      actionpack (~> 3.0.2)
      activerecord (~> 3.0.2)
      activesupport (~> 3.0.2)
      arel (~> 2.0.2)
    meta_where (1.0.4)
      activerecord (~> 3.0.0)
      activesupport (~> 3.0.0)
      arel (~> 2.0.7)
    mime-types (1.16)
    mocha (0.9.12)
    nested_form (0.1.1)
    net-scp (1.0.4)
      net-ssh (>= 1.99.1)
    net-sftp (2.0.5)
      net-ssh (>= 2.0.9)
    net-ssh (2.1.4)
    net-ssh-gateway (1.1.0)
      net-ssh (>= 1.99.1)
    nifty-generators (0.4.6)
    pacecar (1.4.5)
    paperclip (2.3.11)
      activerecord (>= 2.3.0)
      activesupport (>= 2.3.2)
    polyglot (0.3.1)
    rack (1.2.2)
    rack-mount (0.6.14)
      rack (>= 1.0.0)
    rack-test (0.5.7)
      rack (>= 1.0)
    rails (3.0.7)
      actionmailer (= 3.0.7)
      actionpack (= 3.0.7)
      activerecord (= 3.0.7)
      activeresource (= 3.0.7)
      activesupport (= 3.0.7)
      bundler (~> 1.0)
      railties (= 3.0.7)
    rails3-jquery-autocomplete (0.7.0)
      rails (~> 3.0.0)
      yajl-ruby
    railties (3.0.7)
      actionpack (= 3.0.7)
      activesupport (= 3.0.7)
      rake (>= 0.8.7)
      thor (~> 0.14.4)
    rake (0.8.7)
    rd_searchlogic (3.0.0.rc4)
      activerecord (>= 3.0.0)
    right_aws (2.1.0)
      right_http_connection (>= 1.2.5)
    right_http_connection (1.3.0)
    rspec (2.6.0.rc6)
      rspec-core (= 2.6.0.rc6)
      rspec-expectations (= 2.6.0.rc6)
      rspec-mocks (= 2.6.0.rc6)
    rspec-core (2.6.0.rc6)
    rspec-expectations (2.6.0.rc6)
      diff-lcs (~> 1.1.2)
    rspec-mocks (2.6.0.rc6)
    rspec-rails (2.6.0.rc6)
      actionpack (>= 3.0)
      activesupport (>= 3.0)
      railties (>= 3.0)
      rspec (= 2.6.0.rc6)
    simple-navigation (3.2.0)
      activesupport (>= 2.3.2)
    sqlite3 (1.3.3)
    sqlite3 (1.3.3-x86-mingw32)
    sqlite3-ruby (1.3.3)
      sqlite3 (>= 1.3.3)
    thor (0.14.6)
    treetop (1.4.9)
      polyglot (>= 0.3.1)
    tzinfo (0.3.27)
    xml-simple (1.0.15)
    yajl-ruby (0.8.2)

PLATFORMS
  ruby
  x86-mingw32

DEPENDENCIES
  aasm
  acts-as-taggable-on
  acts_as_commentable
  acts_as_rateable
  authlogic
  aws-s3
  cancan
  capistrano
  heroku-s3-backup-zinergia
  hirb
  jquery-rails
  kaminari
  meta_search
  meta_where
  mocha
  nested_form
  nifty-generators
  pacecar
  paperclip
  rails (= 3.0.7)
  rails3-jquery-autocomplete
  rd_searchlogic (= 3.0.0.rc4)
  right_aws
  rspec-rails (>= 2.0.0.beta.22)
  simple-navigation
  sqlite3-ruby
